GEM
  remote: http://rubygems.org/
  specs:
    actionpack (3.1.1)
      activemodel (= 3.1.1)
      activesupport (= 3.1.1)
      builder (~> 3.0.0)
      erubis (~> 2.7.0)
      i18n (~> 0.6)
      rack (~> 1.3.2)
      rack-cache (~> 1.1)
      rack-mount (~> 0.8.2)
      rack-test (~> 0.6.1)
      sprockets (~> 2.0.2)
    activemodel (3.1.1)
      activesupport (= 3.1.1)
      builder (~> 3.0.0)
      i18n (~> 0.6)
    activerecord (3.1.1)
      activemodel (= 3.1.1)
      activesupport (= 3.1.1)
      arel (~> 2.2.1)
      tzinfo (~> 0.3.29)
    activesupport (3.1.1)
      multi_json (~> 1.0)
    arel (2.2.1)
    builder (3.0.0)
    erubis (2.7.0)
    events (0.9.7)
    fastercsv (1.5.4)
    fattr (2.2.0)
    git (1.2.5)
    highline (1.6.2)
    hike (1.2.1)
    i18n (0.6.0)
    jeweler (1.5.2)
      bundler (~> 1.0.0)
      git (>= 1.2.5)
      rake
    json_pure (1.6.1)
    mime-types (1.17.2)
    multi_json (1.0.3)
    options (2.3.0)
      fattr
    rack (1.3.5)
    rack-cache (1.1)
      rack (>= 0.4)
    rack-mount (0.8.3)
      rack (>= 1.0.0)
    rack-test (0.6.1)
      rack (>= 1.0)
    rainbow (1.1.1)
    rake (0.9.2.2)
    rally_rest_api (1.0.3)
    rcov (0.9.9)
    rest-client (1.6.7)
      mime-types (>= 1.16)
    shoulda (2.11.3)
    sprockets (2.0.3)
      hike (~> 1.2)
      rack (~> 1.0)
      tilt (~> 1.1, != 1.3.0)
    sqlite3 (1.3.4)
    tilt (1.3.3)
    trollop (1.16.2)
    tzinfo (0.3.30)

PLATFORMS
  ruby

DEPENDENCIES
  actionpack (~> 3.1.0)
  activemodel (~> 3.1.0)
  activerecord (~> 3.1.0)
  activesupport (~> 3.1.0)
  bundler (~> 1.0.0)
  events
  fastercsv
  highline
  i18n (~> 0.6.0)
  jeweler (~> 1.5.2)
  json_pure
  multi_json (~> 1.0)
  options
  rainbow
  rake
  rally_rest_api
  rcov
  rest-client
  shoulda
  sqlite3
  trollop
